GEM
  remote: https://rubygems.org/
  specs:
    inplace (1.2.3)

PLATFORMS
  ruby

DEPENDENCIES
  inplace

BUNDLED WITH
   1.12.5
