GEM
  remote: https://rubygems.org/
  specs:
    inplace (1.2.3)
    mustache (1.0.3)

PLATFORMS
  ruby

DEPENDENCIES
  inplace
  mustache

BUNDLED WITH
   1.12.5
